GEM
  remote: http://rubygems.org/
  specs:
    abstract (1.0.0)
    actionmailer (3.0.16)
      actionpack (= 3.0.16)
      mail (~> 2.2.19)
    actionpack (3.0.16)
      activemodel (= 3.0.16)
      activesupport (= 3.0.16)
      builder (~> 2.1.2)
      erubis (~> 2.6.6)
      i18n (~> 0.5.0)
      rack (~> 1.2.5)
      rack-mount (~> 0.6.14)
      rack-test (~> 0.5.7)
      tzinfo (~> 0.3.23)
    activemodel (3.0.16)
      activesupport (= 3.0.16)
      builder (~> 2.1.2)
      i18n (~> 0.5.0)
    activerecord (3.0.16)
      activemodel (= 3.0.16)
      activesupport (= 3.0.16)
      arel (~> 2.0.10)
      tzinfo (~> 0.3.23)
    activeresource (3.0.16)
      activemodel (= 3.0.16)
      activesupport (= 3.0.16)
    activesupport (3.0.16)
    acts_as_list (0.1.8)
    arel (2.0.10)
    bcrypt-ruby (3.0.1)
    builder (2.1.2)
    cocaine (0.2.1)
    devise (1.5.3)
      bcrypt-ruby (~> 3.0)
      orm_adapter (~> 0.0.3)
      warden (~> 1.1)
    erubis (2.6.6)
      abstract (>= 1.0.0)
    faraday (0.8.1)
      multipart-post (~> 1.1)
    httpauth (0.1)
    i18n (0.5.0)
    json (1.7.3)
    jwt (0.1.5)
      multi_json (>= 1.0)
    mail (2.2.19)
      activesupport (>= 2.3.6)
      i18n (>= 0.4.0)
      mime-types (~> 1.16)
      treetop (~> 1.4.8)
    mapper (1.0)
    mime-types (1.19)
    multi_json (1.3.6)
    multipart-post (1.1.5)
    nokogiri (1.5.5)
    oauth2 (0.8.0)
      faraday (~> 0.8)
      httpauth (~> 0.1)
      jwt (~> 0.1.4)
      multi_json (~> 1.0)
      rack (~> 1.2)
    orm_adapter (0.0.7)
    paperclip (2.7.0)
      activerecord (>= 2.3.0)
      activesupport (>= 2.3.2)
      cocaine (>= 0.0.2)
      mime-types
    polyglot (0.3.3)
    rack (1.2.5)
    rack-mount (0.6.14)
      rack (>= 1.0.0)
    rack-test (0.5.7)
      rack (>= 1.0)
    rails (3.0.16)
      actionmailer (= 3.0.16)
      actionpack (= 3.0.16)
      activerecord (= 3.0.16)
      activeresource (= 3.0.16)
      activesupport (= 3.0.16)
      bundler (~> 1.0)
      railties (= 3.0.16)
    railties (3.0.16)
      actionpack (= 3.0.16)
      activesupport (= 3.0.16)
      rake (>= 0.8.7)
      rdoc (~> 3.4)
      thor (~> 0.14.4)
    rake (0.9.2.2)
    rdoc (3.12)
      json (~> 1.4)
    riddle (1.5.3)
    sqlite3 (1.3.6)
    thinking-sphinx (2.0.13)
      activerecord (>= 3.0.3)
      builder (>= 2.1.2)
      riddle (>= 1.5.3)
    thor (0.14.6)
    treetop (1.4.10)
      polyglot
      polyglot (>= 0.3.1)
    tzinfo (0.3.33)
    warden (1.2.1)
      rack (>= 1.0)

PLATFORMS
  ruby

DEPENDENCIES
  acts_as_list
  devise (~> 1.5.0)
  mapper
  nokogiri
  oauth2
  paperclip (~> 2.7.0)
  rails (= 3.0.16)
  sqlite3
  thinking-sphinx (~> 2.0.12)
